RESTRICTION: == net40
NUGET
  remote: https://api.nuget.org/v3/index.json
    FSharp.Core (3.1.2.5)
